GEM
  remote: https://rubygems.org/
  specs:
    ffi (1.9.6)
    json (1.8.2)
    pi_piper (1.3.2)
      ffi
    rufus-scheduler (3.0.9)
      tzinfo
    thread_safe (0.3.4)
    tzinfo (1.2.2)
      thread_safe (~> 0.1)

PLATFORMS
  ruby

DEPENDENCIES
  json
  pi_piper
  rufus-scheduler
